PATH
  remote: .
  specs:
    ytdl (0.2.0)
      dry-configurable (~> 1.0)
      filesize (~> 0.2.0)

GEM
  remote: https://rubygems.org/
  specs:
    concurrent-ruby (1.2.2)
    dry-configurable (1.1.0)
      dry-core (~> 1.0, < 2)
      zeitwerk (~> 2.6)
    dry-core (1.0.1)
      concurrent-ruby (~> 1.0)
      zeitwerk (~> 2.6)
    filesize (0.2.0)
    zeitwerk (2.6.12)

PLATFORMS
  ruby

DEPENDENCIES
  ytdl!

BUNDLED WITH
   2.1.4
